PATH
  remote: .
  specs:
    article_crawler (0.0.1)
      mini_magick (~> 4.9)
      nokogiri (~> 1.10)
      pandoc-ruby (~> 2.0)
      spreadsheet (~> 1.2)

GEM
  remote: https://rubygems.org/
  specs:
    concurrent-ruby (1.0.5)
    diff-lcs (1.3)
    faker (1.9.1)
      i18n (>= 0.7)
    i18n (1.1.0)
      concurrent-ruby (~> 1.0)
    mini_magick (4.9.3)
    mini_portile2 (2.4.0)
    nokogiri (1.10.2)
      mini_portile2 (~> 2.4.0)
    pandoc-ruby (2.0.2)
    rspec (3.8.0)
      rspec-core (~> 3.8.0)
      rspec-expectations (~> 3.8.0)
      rspec-mocks (~> 3.8.0)
    rspec-core (3.8.0)
      rspec-support (~> 3.8.0)
    rspec-expectations (3.8.2)
      diff-lcs (>= 1.2.0, < 2.0)
      rspec-support (~> 3.8.0)
    rspec-mocks (3.8.0)
      diff-lcs (>= 1.2.0, < 2.0)
      rspec-support (~> 3.8.0)
    rspec-support (3.8.0)
    ruby-ole (1.2.12.2)
    spreadsheet (1.2.3)
      ruby-ole (>= 1.0)

PLATFORMS
  ruby

DEPENDENCIES
  article_crawler!
  faker
  rspec

BUNDLED WITH
   1.17.2
